GIT
  remote: https://github.com/activeldap/activeldap.git
  revision: 7ae810add1f4bcae3dbc9adc926453dd8ae9b722
  specs:
    activeldap (4.0.5)
      activemodel (> 4.0.0)
      gettext
      gettext_i18n_rails
      locale

GIT
  remote: https://github.com/ruby-ldap/ruby-net-ldap
  revision: 4feab6f239399137d780c94ce303663f5546fd56
  specs:
    net-ldap (0.10.1)

GEM
  remote: https://rubygems.org/
  specs:
    activemodel (4.2.0)
      activesupport (= 4.2.0)
      builder (~> 3.1)
    activesupport (4.2.0)
      i18n (~> 0.7)
      json (~> 1.7, >= 1.7.7)
      minitest (~> 5.1)
      thread_safe (~> 0.3, >= 0.3.4)
      tzinfo (~> 1.1)
    builder (3.2.2)
    fast_gettext (0.9.2)
    gettext (3.1.4)
      locale (>= 2.0.5)
      text
    gettext_i18n_rails (1.2.0)
      fast_gettext (>= 0.9.0)
    i18n (0.7.0)
    json (1.8.2)
    locale (2.1.0)
    minitest (5.5.1)
    text (1.3.0)
    thor (0.19.1)
    thread_safe (0.3.4)
    tzinfo (1.2.2)
      thread_safe (~> 0.1)

PLATFORMS
  ruby

DEPENDENCIES
  activeldap!
  net-ldap!
  thor
